GEM
  remote: http://rubygems.org/
  specs:
    ffi (1.0.11)
    growl (1.0.3)
    guard (1.0.1)
      ffi (>= 0.5.0)
      thor (~> 0.14.6)
    guard-bundler (0.1.3)
      bundler (>= 1.0.0)
      guard (>= 0.2.2)
    guard-phpcs (0.0.1)
      guard (>= 0.8.8)
    guard-phpunit (0.1.2)
      guard (~> 1.0.0)
    rb-fsevent (0.9.1)
    thor (0.14.6)

PLATFORMS
  ruby

DEPENDENCIES
  growl
  guard
  guard-bundler
  guard-phpcs
  guard-phpunit
  rb-fsevent
